GEM
  remote: https://rubygems.org/
  specs:
    chunky_png (1.3.5)
    coderay (1.1.0)
    colorize (0.7.7)
    method_source (0.8.2)
    oily_png (1.2.0)
      chunky_png (~> 1.3.1)
    pry (0.10.1)
      coderay (~> 1.1.0)
      method_source (~> 0.8.1)
      slop (~> 3.4)
    slop (3.6.0)

PLATFORMS
  ruby

DEPENDENCIES
  colorize
  oily_png
  pry

BUNDLED WITH
   1.11.2
